GEM
  remote: http://rubygems.org/
  specs:
    activesupport (3.2.3)
      i18n (~> 0.6)
      multi_json (~> 1.0)
    binding_of_caller (0.6.7)
    coderay (1.0.6)
    coolline (0.2.0)
    diff-lcs (1.1.3)
    ffi (1.0.11)
    growl (1.0.3)
    guard (1.0.1)
      ffi (>= 0.5.0)
      thor (~> 0.14.6)
    guard-rspec (0.7.0)
      guard (>= 0.10.0)
    i18n (0.6.0)
    io-console (0.3)
    method_source (0.7.1)
    multi_json (1.3.2)
    open4 (1.3.0)
    pry (0.9.9.4)
      coderay (~> 1.0.5)
      method_source (~> 0.7.1)
      slop (>= 2.4.4, < 3)
    pry-coolline (0.1.4)
      coolline (~> 0.2.0)
      io-console (~> 0.3.0)
    pry-nav (0.2.1)
      pry (~> 0.9.9)
    pry-stack_explorer (0.4.2)
      binding_of_caller (~> 0.6.2)
      pry (~> 0.9.9)
    rspec (2.9.0)
      rspec-core (~> 2.9.0)
      rspec-expectations (~> 2.9.0)
      rspec-mocks (~> 2.9.0)
    rspec-core (2.9.0)
    rspec-expectations (2.9.1)
      diff-lcs (~> 1.1.3)
    rspec-mocks (2.9.0)
    slop (2.4.4)
    thor (0.14.6)

PLATFORMS
  ruby

DEPENDENCIES
  activesupport
  growl
  guard
  guard-rspec
  open4
  pry
  pry-coolline
  pry-nav
  pry-stack_explorer
  rspec
